GEM
  remote: https://rubygems.org/
  specs:
    rulers (0.0.2)

PLATFORMS
  ruby

DEPENDENCIES
  rulers
