GEM
  remote: https://rubygems.org/
  specs:
    rulers (0.0.1)

PLATFORMS
  ruby

DEPENDENCIES
  rulers
